GIT
  remote: git://github.com/charleseff/simplenote.git
  revision: f087ac67cdfea875479f00493062e59ab2d712ec
  ref: f087ac67cdfea875479f00493062e59ab2d712ec
  specs:
    simplenote (0.2.1)
      httparty (= 0.6.0)
      json_pure (= 1.5.1)

GEM
  remote: http://rubygems.org/
  specs:
    activemodel (3.0.7)
      activesupport (= 3.0.7)
      builder (~> 2.1.2)
      i18n (~> 0.5.0)
    activerecord (3.0.7)
      activemodel (= 3.0.7)
      activesupport (= 3.0.7)
      arel (~> 2.0.2)
      tzinfo (~> 0.3.23)
    activesupport (3.0.7)
    arel (2.0.10)
    autoload_for (0.0.1)
      activesupport
    awesome_print (0.4.0)
    builder (2.1.2)
    crack (0.1.7)
    diff-lcs (1.1.2)
    factory_girl (1.3.3)
    fakeweb (1.3.0)
    httparty (0.6.0)
      crack (= 0.1.7)
    i18n (0.5.0)
    json_pure (1.5.1)
    rspec (2.6.0)
      rspec-core (~> 2.6.0)
      rspec-expectations (~> 2.6.0)
      rspec-mocks (~> 2.6.0)
    rspec-core (2.6.0)
    rspec-expectations (2.6.0)
      diff-lcs (~> 1.1.2)
    rspec-mocks (2.6.0)
    sqlite3 (1.3.3)
    tzinfo (0.3.27)
    vcr (1.10.0)

PLATFORMS
  ruby

DEPENDENCIES
  activerecord
  activesupport
  autoload_for
  awesome_print
  factory_girl (= 1.3.3)
  fakeweb
  i18n
  rspec (= 2.6.0)
  simplenote!
  sqlite3
  vcr
