GEM
  remote: http://rubygems.org/
  specs:
    activesupport (3.0.7)
    autoload_for (0.0.1)
      activesupport
    diff-lcs (1.1.2)
    i18n (0.5.0)
    rspec (2.6.0)
      rspec-core (~> 2.6.0)
      rspec-expectations (~> 2.6.0)
      rspec-mocks (~> 2.6.0)
    rspec-core (2.6.0)
    rspec-expectations (2.6.0)
      diff-lcs (~> 1.1.2)
    rspec-mocks (2.6.0)

PLATFORMS
  ruby

DEPENDENCIES
  activesupport (= 3.0.7)
  autoload_for (= 0.0.1)
  i18n (= 0.5.0)
  rspec (= 2.6.0)
