GIT
  remote: git://github.com/charleseff/simplenote.git
  revision: 900a774dcc5044c94ca04391d4e3eade62ca3da5
  ref: 900a774dcc5044c94ca04391d4e3eade62ca3da5
  specs:
    simplenote (0.2.1)
      httparty (= 0.6.0)
      json_pure (= 1.5.1)

GEM
  remote: http://rubygems.org/
  specs:
    activemodel (3.1.3)
      activesupport (= 3.1.3)
      builder (~> 3.0.0)
      i18n (~> 0.6)
    activerecord (3.1.3)
      activemodel (= 3.1.3)
      activesupport (= 3.1.3)
      arel (~> 2.2.1)
      tzinfo (~> 0.3.29)
    activesupport (3.1.3)
      multi_json (~> 1.0)
    archive-tar-minitar (0.5.2)
    arel (2.2.1)
    atk (1.0.3)
      glib2 (>= 1.0.3)
    awesome_print (0.4.0)
    builder (3.0.0)
    cairo (1.10.2)
      pkg-config
    columnize (0.3.2)
    crack (0.1.7)
    diff-lcs (1.1.3)
    factory_girl (2.3.2)
      activesupport
    fakeweb (1.3.0)
    gdk_pixbuf2 (1.0.3)
      glib2 (>= 1.0.3)
    glib2 (1.0.3)
      pkg-config
    gtk2 (1.0.3)
      atk (>= 1.0.3)
      gdk_pixbuf2 (>= 1.0.3)
      pango (>= 1.0.3)
    httparty (0.6.0)
      crack (= 0.1.7)
    i18n (0.6.0)
    json_pure (1.5.1)
    linecache19 (0.5.12)
      ruby_core_source (>= 0.1.4)
    multi_json (1.0.4)
    pango (1.0.3)
      cairo (>= 1.10.0)
      glib2 (>= 1.0.3)
    pkg-config (1.1.2)
    rspec (2.7.0)
      rspec-core (~> 2.7.0)
      rspec-expectations (~> 2.7.0)
      rspec-mocks (~> 2.7.0)
    rspec-core (2.7.1)
    rspec-expectations (2.7.0)
      diff-lcs (~> 1.1.2)
    rspec-mocks (2.7.0)
    ruby-debug-base19 (0.11.25)
      columnize (>= 0.3.1)
      linecache19 (>= 0.5.11)
      ruby_core_source (>= 0.1.4)
    ruby-debug19 (0.11.6)
      columnize (>= 0.3.1)
      linecache19 (>= 0.5.11)
      ruby-debug-base19 (>= 0.11.19)
    ruby_core_source (0.1.5)
      archive-tar-minitar (>= 0.5.2)
    sqlite3 (1.3.5)
    tzinfo (0.3.31)
    vcr (1.10.0)

PLATFORMS
  ruby

DEPENDENCIES
  activerecord (~> 3.1.3)
  activesupport (~> 3.1.3)
  awesome_print
  factory_girl (~> 2.3.2)
  fakeweb
  gtk2 (~> 1.0.3)
  rspec (~> 2.7.0)
  ruby-debug19
  simplenote!
  sqlite3
  vcr
