GIT
  remote: git://github.com/charleseff/simplenote.git
  revision: 02c1cb1a6d91d4deacba12cb585dd8a6ae1e27e5
  ref: 02c1cb1a6d91d4deacba12cb585dd8a6ae1e27e5
  specs:
    simplenote (0.2.1)
      httparty (= 0.6.0)
      json_pure (= 1.5.1)

GEM
  remote: http://rubygems.org/
  specs:
    activemodel (3.0.9)
      activesupport (= 3.0.9)
      builder (~> 2.1.2)
      i18n (~> 0.5.0)
    activerecord (3.0.9)
      activemodel (= 3.0.9)
      activesupport (= 3.0.9)
      arel (~> 2.0.10)
      tzinfo (~> 0.3.23)
    activesupport (3.0.9)
    arel (2.0.10)
    atk (0.90.9)
      glib2 (>= 0.90.9)
    autoload_for (0.0.2)
      activesupport
    awesome_print (0.4.0)
    builder (2.1.2)
    cairo (1.10.0)
      pkg-config
    crack (0.1.7)
    diff-lcs (1.1.2)
    factory_girl (1.3.3)
    fakeweb (1.3.0)
    gdk_pixbuf2 (0.90.9)
      glib2 (>= 0.90.9)
    glib2 (0.90.9)
      pkg-config
    gtk2 (0.90.9)
      atk (>= 0.90.9)
      gdk_pixbuf2 (>= 0.90.9)
      pango (>= 0.90.9)
    httparty (0.6.0)
      crack (= 0.1.7)
    i18n (0.5.0)
    json_pure (1.5.1)
    pango (0.90.9)
      cairo (>= 1.10.0)
      glib2 (>= 0.90.9)
    pkg-config (1.1.1)
    rspec (2.6.0)
      rspec-core (~> 2.6.0)
      rspec-expectations (~> 2.6.0)
      rspec-mocks (~> 2.6.0)
    rspec-core (2.6.4)
    rspec-expectations (2.6.0)
      diff-lcs (~> 1.1.2)
    rspec-mocks (2.6.0)
    sqlite3 (1.3.3)
    tzinfo (0.3.28)
    vcr (1.10.0)

PLATFORMS
  ruby

DEPENDENCIES
  activerecord (= 3.0.9)
  activesupport (= 3.0.9)
  autoload_for
  awesome_print
  factory_girl (= 1.3.3)
  fakeweb
  gtk2
  rspec (= 2.6.0)
  simplenote!
  sqlite3
  vcr
