GEM
  remote: http://rubygems.org/
  specs:
    activesupport (3.0.7)
    ferret (0.11.6)
      rake (> 0.0.0)
    i18n (0.5.0)
    rake (0.8.7)

PLATFORMS
  ruby

DEPENDENCIES
  activesupport (= 3.0.7)
  ferret (= 0.11.6)
  i18n (= 0.5.0)
